GEM
  remote: http://rubygems.org/
  specs:
    actionmailer (2.3.5)
      actionpack (= 2.3.5)
    actionpack (2.3.5)
      activesupport (= 2.3.5)
      rack (~> 1.0.0)
    activerecord (2.3.5)
      activesupport (= 2.3.5)
    activeresource (2.3.5)
      activesupport (= 2.3.5)
    activesupport (2.3.5)
    authlogic (2.1.6)
      activesupport
    cocaine (0.1.0)
    factory_girl (1.3.3)
    geokit (1.6.0)
    htmlentities (4.3.0)
    jrails (0.6.0)
    mime-types (1.16)
    mysql (2.8.1)
    paperclip (2.3.15)
      activerecord (>= 2.3.0)
      activesupport (>= 2.3.2)
      cocaine (>= 0.0.2)
      mime-types
    rack (1.0.1)
    rails (2.3.5)
      actionmailer (= 2.3.5)
      actionpack (= 2.3.5)
      activerecord (= 2.3.5)
      activeresource (= 2.3.5)
      activesupport (= 2.3.5)
      rake (>= 0.8.3)
    rake (0.8.7)
    scrapi (1.2.0)
      tidy (>= 1.1.0)
    tidy (1.1.2)

PLATFORMS
  ruby

DEPENDENCIES
  authlogic
  factory_girl
  geokit
  htmlentities
  jrails
  mysql
  paperclip
  rails (= 2.3.5)
  rake (= 0.8.7)
  scrapi (= 1.2.0)
